GEM
  remote: https://rubygems.org/
  specs:
    haml (4.0.7)
      tilt
    rack (2.0.1)
    sass (3.4.22)
    tilt (2.0.5)

PLATFORMS
  ruby

DEPENDENCIES
  haml
  rack
  sass

BUNDLED WITH
   1.13.3
